GEM
  remote: https://rubygems.org/
  specs:
    clamp (1.3.1)
    diff-lcs (1.3)
    rake (12.3.3)
    redis (4.1.2)
    rspec (3.8.0)
      rspec-core (~> 3.8.0)
      rspec-expectations (~> 3.8.0)
      rspec-mocks (~> 3.8.0)
    rspec-core (3.8.2)
      rspec-support (~> 3.8.0)
    rspec-expectations (3.8.4)
      diff-lcs (>= 1.2.0, < 2.0)
      rspec-support (~> 3.8.0)
    rspec-mocks (3.8.1)
      diff-lcs (>= 1.2.0, < 2.0)
      rspec-support (~> 3.8.0)
    rspec-support (3.8.2)
    wait-for-socket (0.1)
      clamp (>= 1.0)

PLATFORMS
  ruby

DEPENDENCIES
  rake
  redis
  rspec
  wait-for-socket

BUNDLED WITH
   2.0.2
